GEM
  remote: http://rubygems.org/
  specs:
    coderay (1.0.0)
    haml (3.1.4)
    mime-types (1.17.2)
    nokogiri (1.5.2)
    rack (1.4.1)
    rdiscount (1.6.8)

PLATFORMS
  ruby

DEPENDENCIES
  coderay
  haml
  mime-types
  nokogiri
  rack
  rdiscount
