GEM
  remote: http://rubygems.org/
  specs:
    rdiscount (1.6.8)

PLATFORMS
  ruby

DEPENDENCIES
  rdiscount
